GEM
  remote: https://rubygems.org/
  specs:
    csv (3.1.1)

PLATFORMS
  ruby

DEPENDENCIES
  csv

BUNDLED WITH
   2.0.2
